GIT
  remote: git://github.com/dydra/dydra.git
  revision: ee74402a00e26f264730c83f710cc1cab79304a5
  specs:
    dydra (0.0.11)
      rdf (>= 0.3.0)
      rest-client (>= 1.6.7)

GIT
  remote: https://github.com/qoobaa/vcard.git
  revision: 68b06febbf757fb8ac09724f3928741e21e2ed41
  specs:
    vcard (0.2.8)

GEM
  remote: http://rubygems.org/
  specs:
    addressable (2.3.4)
    agraph (0.2)
      transport (~> 1.0.5)
    builder (3.2.2)
    configuration (1.3.2)
    daemons (1.1.9)
    diff-lcs (1.1.3)
    eventmachine (1.0.0)
    hashie (1.2.0)
    json_pure (1.8.0)
    linkedin (0.3.7)
      hashie (~> 1.2)
      multi_json (~> 1.0)
      oauth (~> 0.4)
    markaby (0.7.2)
      builder (>= 2.0.0)
    mime-types (1.23)
    multi_json (1.5.0)
    net-http-persistent (2.8)
    oauth (0.4.7)
    rack (1.5.2)
    rack-protection (1.5.0)
      rack
    rack-test (0.6.2)
      rack (>= 1.0)
    rake (10.0.3)
    rdf (1.0.7)
      addressable (>= 2.2)
    rdf-json (1.0.0)
      json_pure (>= 1.4)
      rdf (>= 1.0)
    rdf-turtle (0.3.1)
      rdf (>= 0.3.11)
    rest-client (1.6.7)
      mime-types (>= 1.16)
    rspec (2.12.0)
      rspec-core (~> 2.12.0)
      rspec-expectations (~> 2.12.0)
      rspec-mocks (~> 2.12.0)
    rspec-core (2.12.2)
    rspec-expectations (2.12.1)
      diff-lcs (~> 1.1.3)
    rspec-mocks (2.12.2)
    sinatra (1.4.3)
      rack (~> 1.4)
      rack-protection (~> 1.4)
      tilt (~> 1.3, >= 1.3.4)
    sparql-client (1.0.4.1)
      json_pure (>= 1.4)
      net-http-persistent (>= 1.4)
      rdf (>= 1.0)
    terminal-table (1.4.5)
    thin (1.5.0)
      daemons (>= 1.0.9)
      eventmachine (>= 0.12.6)
      rack (>= 1.0.0)
    tilt (1.4.1)
    transport (1.0.6)

PLATFORMS
  ruby

DEPENDENCIES
  agraph
  configuration
  dydra!
  linkedin (= 0.3.7)
  markaby
  rack-test
  rake
  rdf (= 1.0.7)
  rdf-json
  rdf-turtle
  rest-client
  rspec
  sinatra
  sparql-client
  terminal-table
  thin
  vcard!
