GEM
  remote: http://rubygems.org/
  specs:
    addressable (2.3.2)
    builder (3.1.4)
    diff-lcs (1.1.3)
    hashie (1.2.0)
    json_pure (1.7.5)
    linkedin (0.3.7)
      hashie (~> 1.2)
      multi_json (~> 1.0)
      oauth (~> 0.4)
    markaby (0.7.2)
      builder (>= 2.0.0)
    mime-types (1.19)
    multi_json (1.3.6)
    net-http-persistent (2.8)
    oauth (0.4.7)
    rack (1.4.1)
    rack-protection (1.2.0)
      rack
    rake (0.9.2.2)
    rdf (0.3.8)
      addressable (>= 2.2.6)
    rdf-json (0.3.0)
      json_pure (>= 1.4.2)
      rdf (~> 0.3.0)
    rdf-turtle (0.1.2)
      rdf (>= 0.3.4)
    rest-client (1.6.7)
      mime-types (>= 1.16)
    rspec (2.11.0)
      rspec-core (~> 2.11.0)
      rspec-expectations (~> 2.11.0)
      rspec-mocks (~> 2.11.0)
    rspec-core (2.11.1)
    rspec-expectations (2.11.3)
      diff-lcs (~> 1.1.3)
    rspec-mocks (2.11.3)
    sinatra (1.3.3)
      rack (~> 1.3, >= 1.3.6)
      rack-protection (~> 1.2)
      tilt (~> 1.3, >= 1.3.3)
    sparql-client (0.3.0)
      json_pure (>= 1.6.5)
      net-http-persistent (>= 1.4.1)
      rdf (>= 0.3.5)
    tilt (1.3.3)
    vpim (0.695)

PLATFORMS
  ruby

DEPENDENCIES
  linkedin (= 0.3.7)
  markaby (= 0.7.2)
  rake (= 0.9.2.2)
  rdf (= 0.3.8)
  rdf-json (= 0.3.0)
  rdf-turtle (= 0.1.2)
  rest-client (= 1.6.7)
  rspec (= 2.11.0)
  sinatra (= 1.3.3)
  sparql-client (= 0.3.0)
  vpim (= 0.695)
