GIT
  remote: git://github.com/dydra/dydra.git
  revision: ee74402a00e26f264730c83f710cc1cab79304a5
  specs:
    dydra (0.0.11)
      rdf (>= 0.3.0)
      rest-client (>= 1.6.7)

GIT
  remote: https://github.com/qoobaa/vcard.git
  revision: 1f23988291d6263c371a66a72802fdc02e287be3
  specs:
    vcard (0.2.3)

GEM
  remote: http://rubygems.org/
  specs:
    addressable (2.3.2)
    agraph (0.2)
      transport (~> 1.0.5)
    builder (3.1.4)
    configuration (1.3.2)
    daemons (1.1.9)
    diff-lcs (1.1.3)
    eventmachine (1.0.0)
    hashie (1.2.0)
    json_pure (1.7.6)
    linkedin (0.3.7)
      hashie (~> 1.2)
      multi_json (~> 1.0)
      oauth (~> 0.4)
    markaby (0.7.2)
      builder (>= 2.0.0)
    mime-types (1.19)
    multi_json (1.5.0)
    net-http-persistent (2.8)
    oauth (0.4.7)
    rack (1.5.1)
    rack-protection (1.3.2)
      rack
    rack-test (0.6.2)
      rack (>= 1.0)
    rake (10.0.3)
    rdf (0.3.11)
      addressable (>= 2.2.6)
    rdf-json (0.3.0)
      json_pure (>= 1.4.2)
      rdf (~> 0.3.0)
    rdf-turtle (0.3.1)
      rdf (>= 0.3.11)
    rest-client (1.6.7)
      mime-types (>= 1.16)
    rspec (2.12.0)
      rspec-core (~> 2.12.0)
      rspec-expectations (~> 2.12.0)
      rspec-mocks (~> 2.12.0)
    rspec-core (2.12.2)
    rspec-expectations (2.12.1)
      diff-lcs (~> 1.1.3)
    rspec-mocks (2.12.2)
    sinatra (1.3.3)
      rack (~> 1.3, >= 1.3.6)
      rack-protection (~> 1.2)
      tilt (~> 1.3, >= 1.3.3)
    sparql-client (0.3.1)
      json_pure (>= 1.6.5)
      net-http-persistent (>= 1.4.1)
      rdf (>= 0.3.5)
    terminal-table (1.4.5)
    thin (1.5.0)
      daemons (>= 1.0.9)
      eventmachine (>= 0.12.6)
      rack (>= 1.0.0)
    tilt (1.3.3)
    transport (1.0.6)

PLATFORMS
  ruby

DEPENDENCIES
  agraph
  configuration
  dydra!
  linkedin (= 0.3.7)
  markaby (= 0.7.2)
  rack-test
  rake
  rdf (= 0.3.11)
  rdf-json (= 0.3.0)
  rdf-turtle (= 0.3.1)
  rest-client (= 1.6.7)
  rspec
  sinatra (= 1.3.3)
  sparql-client (= 0.3.1)
  terminal-table
  thin
  vcard (= 0.2.3)!
